GEM
  remote: https://rubygems.org/
  specs:
    coderay (1.1.0)
    httpclient (2.3.4.1)
    json (1.8.1)
    jsonatra (1.0.3)
      sinatra
    logger (1.2.8)
    method_source (0.8.2)
    pg (0.17.0)
    pry (0.9.12.4)
      coderay (~> 1.0)
      method_source (~> 0.8)
      slop (~> 3.4)
    puma (2.7.0)
      rack (>= 1.1, < 2.0)
    rack (1.5.2)
    rack-protection (1.5.1)
      rack
    rake (10.1.0)
    sequel (4.5.0)
    shotgun (0.9)
      rack (>= 1.0)
    sinatra (1.4.4)
      rack (~> 1.4)
      rack-protection (~> 1.4)
      tilt (~> 1.3, >= 1.3.4)
    slop (3.4.7)
    tilt (1.4.1)

PLATFORMS
  ruby

DEPENDENCIES
  httpclient
  json
  jsonatra
  logger
  pg
  pry
  puma
  rake
  sequel
  shotgun
  sinatra
